

GROUP build
NUGET
  remote: https://www.nuget.org/api/v2
    FAKE (4.47)
    FSharp.Text.RegexProvider (1.0)
